GEM
  remote: http://rubygems.org/
  specs:
    BlinkyTape (0.0.2)
      serialport
    require_all (1.3.2)
    serialport (1.3.1)

PLATFORMS
  ruby

DEPENDENCIES
  BlinkyTape
  require_all
