GEM
  remote: http://rubygems.org/
  specs:
    paint (0.8.6)
    serialport (1.3.1)

PLATFORMS
  ruby

DEPENDENCIES
  paint
  serialport
